GEM
  remote: https://rubygems.org/
  specs:
    chronic (0.10.2)
    colorize (0.7.7)

PLATFORMS
  x64-mingw32

DEPENDENCIES
  chronic
  colorize

BUNDLED WITH
   1.11.2
